GEM
  remote: https://rubygems.org/
  specs:
    git (1.5.0)
    json (2.3.0)

PLATFORMS
  ruby
  x64-mingw32
  x86-mingw32

DEPENDENCIES
  git
  json

BUNDLED WITH
   1.16.5
